GEM
  remote: https://rubygems.org/
  specs:
    activesupport (4.1.6)
      i18n (~> 0.6, >= 0.6.9)
      json (~> 1.7, >= 1.7.7)
      minitest (~> 5.1)
      thread_safe (~> 0.1)
      tzinfo (~> 1.1)
    addressable (2.3.6)
    builder (3.2.2)
    chrono (0.0.4)
      activesupport
    dotenv (1.0.2)
    dropbox-sdk (1.6.4)
      json
    era_ja (0.2.2)
    execjs (2.2.1)
    faraday (0.9.0)
      multipart-post (>= 1.2, < 3)
    faraday_middleware (0.9.1)
      faraday (>= 0.7.4, < 0.10)
    gyazo (1.0.0)
      httmultiparty
      httparty
      json
      launchy
    httmultiparty (0.3.16)
      httparty (>= 0.7.3)
      mimemagic
      multipart-post
    httparty (0.13.1)
      json (~> 1.8)
      multi_xml (>= 0.5.2)
    i18n (0.6.11)
    json (1.8.1)
    json_schema (0.3.0)
    jsonism (0.0.4)
      activesupport
      faraday
      faraday_middleware
      json_schema
    jwt (1.0.0)
    launchy (2.4.2)
      addressable (~> 2.3)
    mem (0.1.5)
    mimemagic (0.2.1)
    minitest (5.4.2)
    multi_json (1.10.1)
    multi_xml (0.5.5)
    multipart-post (2.0.0)
    phantomjs (1.9.7.1)
    pusher-client (0.5.0)
      json
      websocket (~> 1.1.2)
    redis (3.1.0)
    redis-namespace (1.5.1)
      redis (~> 3.0, >= 3.0.4)
    ruboty (1.0.3)
      activesupport
      bundler
      dotenv
      mem
      slop
    ruboty-call (1.0.0)
      ruboty
      twilio-ruby
    ruboty-cron (0.0.9)
      activesupport
      chrono
      ruboty (>= 0.2.0)
    ruboty-gengo (0.0.1)
      era_ja
    ruboty-hi (0.0.1)
    ruboty-hubot (1.0.0)
      execjs
      ruboty
    ruboty-idobata (0.0.3)
      pusher-client (~> 0.5.0)
      ruboty (~> 1.0.1)
    ruboty-opening_sentence (1.0.1)
      ruboty
    ruboty-redis (0.0.4)
      redis
      redis-namespace
      ruboty
    ruboty-slot (1.0.1)
    ruboty-ss (1.0.0)
      dropbox-sdk
      gyazo
      jsonism
      mem
      phantomjs
      ruboty
    ruboty-twada (2.0.0)
      ruboty
    ruboty-yasy (1.0.0)
    slop (3.6.0)
    thread_safe (0.3.4)
    twilio-ruby (3.13.1)
      builder (>= 2.1.2)
      jwt (~> 1.0.0)
      multi_json (>= 1.3.0)
    tzinfo (1.2.2)
      thread_safe (~> 0.1)
    websocket (1.1.4)

PLATFORMS
  ruby

DEPENDENCIES
  ruboty
  ruboty-call
  ruboty-cron
  ruboty-gengo
  ruboty-hi
  ruboty-hubot
  ruboty-idobata
  ruboty-opening_sentence
  ruboty-redis
  ruboty-slot
  ruboty-ss
  ruboty-twada
  ruboty-yasy
