GEM
  remote: https://rubygems.org/
  specs:
    activesupport (4.1.6)
      i18n (~> 0.6, >= 0.6.9)
      json (~> 1.7, >= 1.7.7)
      minitest (~> 5.1)
      thread_safe (~> 0.1)
      tzinfo (~> 1.1)
    addressable (2.3.6)
    builder (3.2.2)
    chrono (0.0.4)
      activesupport
    coderay (1.1.0)
    coffee-script (2.3.0)
      coffee-script-source
      execjs
    coffee-script-source (1.8.0)
    dotenv (1.0.2)
    dropbox-sdk (1.6.4)
      json
    era_ja (0.2.2)
    erubis (2.7.0)
    excon (0.40.0)
    execjs (2.2.2)
    faraday (0.9.0)
      multipart-post (>= 1.2, < 3)
    faraday_middleware (0.9.1)
      faraday (>= 0.7.4, < 0.10)
    gyazo (1.0.0)
      httmultiparty
      httparty
      json
      launchy
    heroics (0.0.12)
      erubis (~> 2.7.0)
      excon
      moneta
      multi_json (>= 1.9.2)
      netrc
    httmultiparty (0.3.16)
      httparty (>= 0.7.3)
      mimemagic
      multipart-post
    httparty (0.13.1)
      json (~> 1.8)
      multi_xml (>= 0.5.2)
    i18n (0.6.11)
    json (1.8.1)
    json_schema (0.3.0)
    jsonism (0.0.4)
      activesupport
      faraday
      faraday_middleware
      json_schema
    jwt (1.0.0)
    launchy (2.4.2)
      addressable (~> 2.3)
    mem (0.1.5)
    method_source (0.8.2)
    mimemagic (0.2.1)
    mini_portile (0.6.0)
    minitest (5.4.2)
    moneta (0.8.0)
    multi_json (1.10.1)
    multi_xml (0.5.5)
    multipart-post (2.0.0)
    netrc (0.7.8)
    nokogiri (1.6.3.1)
      mini_portile (= 0.6.0)
    phantomjs (1.9.7.1)
    platform-api (0.2.0)
      heroics (~> 0.0.10)
    pry (0.10.1)
      coderay (~> 1.1.0)
      method_source (~> 0.8.1)
      slop (~> 3.4)
    pusher-client (0.5.0)
      json
      websocket (~> 1.1.2)
    redis (3.1.0)
    redis-namespace (1.5.1)
      redis (~> 3.0, >= 3.0.4)
    ruboty (1.0.3)
      activesupport
      bundler
      dotenv
      mem
      slop
    ruboty-call (1.0.0)
      ruboty
      twilio-ruby
    ruboty-cron (0.0.9)
      activesupport
      chrono
      ruboty (>= 0.2.0)
    ruboty-gengo (0.0.1)
      era_ja
    ruboty-heroku_status (1.0.0)
      ruboty
    ruboty-hi (1.0.0)
    ruboty-hubot (3.0.1)
      coffee-script
      execjs
      ruboty
    ruboty-idobata (0.0.3)
      pusher-client (~> 0.5.0)
      ruboty (~> 1.0.1)
    ruboty-opening_sentence (1.0.1)
      ruboty
    ruboty-redis (0.0.4)
      redis
      redis-namespace
      ruboty
    ruboty-seppuku (2.0.1)
      platform-api
      ruboty
    ruboty-silent (1.0.0)
      ruboty
    ruboty-slide_me (0.0.1)
      nokogiri
      ruboty
    ruboty-slot (1.0.2)
    ruboty-ss (1.0.1)
      dropbox-sdk
      gyazo
      jsonism
      mem
      phantomjs
      ruboty
    ruboty-sudden_death (1.0.1)
      ruboty
      sudden_death
    ruboty-twada (2.0.0)
      ruboty
    ruboty-yasy (1.0.0)
    slop (3.6.0)
    sudden_death (0.0.3)
    thread_safe (0.3.4)
    twilio-ruby (3.13.1)
      builder (>= 2.1.2)
      jwt (~> 1.0.0)
      multi_json (>= 1.3.0)
    tzinfo (1.2.2)
      thread_safe (~> 0.1)
    websocket (1.1.4)

PLATFORMS
  ruby

DEPENDENCIES
  pry
  ruboty
  ruboty-call
  ruboty-cron
  ruboty-gengo
  ruboty-heroku_status
  ruboty-hi
  ruboty-hubot
  ruboty-idobata
  ruboty-opening_sentence
  ruboty-redis
  ruboty-seppuku
  ruboty-silent
  ruboty-slide_me
  ruboty-slot
  ruboty-ss
  ruboty-sudden_death
  ruboty-twada
  ruboty-yasy
