GEM
  remote: https://rubygems.org/
  specs:
    activesupport (4.2.11.3)
      i18n (~> 0.7)
      minitest (~> 5.1)
      thread_safe (~> 0.3, >= 0.3.4)
      tzinfo (~> 1.1)
    builder (3.2.2)
    chrono (0.0.4)
      activesupport
    coderay (1.1.0)
    coffee-script (2.3.0)
      coffee-script-source
      execjs
    coffee-script-source (1.8.0)
    concurrent-ruby (1.1.6)
    dotenv (1.0.2)
    dropbox-sdk (1.6.4)
      json
    era_ja (0.2.2)
    erubis (2.7.0)
    excon (0.40.0)
    execjs (2.2.2)
    faraday (0.9.0)
      multipart-post (>= 1.2, < 3)
    faraday_middleware (0.9.1)
      faraday (>= 0.7.4, < 0.10)
    flickraw (0.9.8)
    gyazo (3.1.0)
      faraday
      mime-types
      multipart-post
    heroics (0.0.12)
      erubis (~> 2.7.0)
      excon
      moneta
      multi_json (>= 1.9.2)
      netrc
    i18n (0.9.5)
      concurrent-ruby (~> 1.0)
    json (2.3.1)
    json_schema (0.3.0)
    jsonism (0.0.4)
      activesupport
      faraday
      faraday_middleware
      json_schema
    jwt (1.0.0)
    mem (0.1.5)
    method_source (0.8.2)
    mime-types (3.3.1)
      mime-types-data (~> 3.2015)
    mime-types-data (3.2020.0512)
    mini_portile (0.6.0)
    minitest (5.12.0)
    moneta (0.8.0)
    multi_json (1.10.1)
    multipart-post (2.1.1)
    netrc (0.8.0)
    nokogiri (1.6.3.1)
      mini_portile (= 0.6.0)
    phantomjs (1.9.7.1)
    platform-api (0.2.0)
      heroics (~> 0.0.10)
    pry (0.10.1)
      coderay (~> 1.1.0)
      method_source (~> 0.8.1)
      slop (~> 3.4)
    pusher-client (0.5.0)
      json
      websocket (~> 1.1.2)
    redis (3.1.0)
    redis-namespace (1.5.1)
      redis (~> 3.0, >= 3.0.4)
    ruboty (1.0.4)
      activesupport
      bundler
      dotenv
      mem
      slop
    ruboty-call (1.0.0)
      ruboty
      twilio-ruby
    ruboty-cron (0.0.9)
      activesupport
      chrono
      ruboty (>= 0.2.0)
    ruboty-dajare (1.0.0)
      ruboty
    ruboty-deadline (1.0.2)
      activesupport
      ruboty
      tokiyomi
    ruboty-free_image (1.0.1)
      flickraw
      ruboty
    ruboty-gengo (0.0.1)
      era_ja
    ruboty-heroku_status (1.0.0)
      ruboty
    ruboty-hi (1.0.0)
    ruboty-hubot (3.0.1)
      coffee-script
      execjs
      ruboty
    ruboty-idobata (0.0.3)
      pusher-client (~> 0.5.0)
      ruboty (~> 1.0.1)
    ruboty-kintai (1.0.1)
      activesupport
      ruboty
      tokiyomi
    ruboty-minecraft_status (0.0.1)
      ruboty
      takumi-server_list_ping
    ruboty-mstr (1.0.1)
      ruboty
    ruboty-nyan_nyan (0.0.1)
      ruboty
    ruboty-opening_sentence (1.0.1)
      ruboty
    ruboty-redis (0.0.5)
      redis
      redis-namespace
      ruboty
    ruboty-replica (1.0.1)
      platform-api
      ruboty
    ruboty-seppuku (2.0.1)
      platform-api
      ruboty
    ruboty-silent (1.0.0)
      ruboty
    ruboty-slide_me (0.0.1)
      nokogiri
      ruboty
    ruboty-slot (1.0.2)
    ruboty-ss (1.0.1)
      dropbox-sdk
      gyazo
      jsonism
      mem
      phantomjs
      ruboty
    ruboty-stats (1.0.1)
      ruboty
    ruboty-sudden_death (1.0.1)
      ruboty
      sudden_death
    ruboty-twada (2.0.0)
      ruboty
    ruboty-ueno_park_event (1.0.0)
      nokogiri
      ruboty
    ruboty-yasy (1.0.0)
    ruboty-yo (1.0.0)
      ruboty
    ruboty-zatsudan (0.0.1)
      faraday
      ruboty
    slop (3.6.0)
    sudden_death (0.0.3)
    takumi-packet (0.0.2)
    takumi-server_list_ping (0.0.5)
      takumi-packet
    thread_safe (0.3.6)
    tokiyomi (0.1.0)
      activesupport
    twilio-ruby (3.13.1)
      builder (>= 2.1.2)
      jwt (~> 1.0.0)
      multi_json (>= 1.3.0)
    tzinfo (1.2.7)
      thread_safe (~> 0.1)
    websocket (1.1.4)

PLATFORMS
  ruby

DEPENDENCIES
  pry
  ruboty
  ruboty-call
  ruboty-cron
  ruboty-dajare
  ruboty-deadline
  ruboty-free_image
  ruboty-gengo
  ruboty-heroku_status
  ruboty-hi
  ruboty-hubot
  ruboty-idobata
  ruboty-kintai
  ruboty-minecraft_status
  ruboty-mstr
  ruboty-nyan_nyan
  ruboty-opening_sentence
  ruboty-redis
  ruboty-replica
  ruboty-seppuku
  ruboty-silent
  ruboty-slide_me
  ruboty-slot
  ruboty-ss
  ruboty-stats
  ruboty-sudden_death
  ruboty-twada
  ruboty-ueno_park_event
  ruboty-yasy
  ruboty-yo
  ruboty-zatsudan
