GEM
  remote: https://rubygems.org/
  specs:
    activesupport (4.1.6)
      i18n (~> 0.6, >= 0.6.9)
      json (~> 1.7, >= 1.7.7)
      minitest (~> 5.1)
      thread_safe (~> 0.1)
      tzinfo (~> 1.1)
    builder (3.2.2)
    chrono (0.0.4)
      activesupport
    dotenv (1.0.1)
    era_ja (0.2.2)
    execjs (2.2.1)
    i18n (0.6.11)
    json (1.8.1)
    jwt (1.0.0)
    mem (0.1.5)
    minitest (5.4.2)
    multi_json (1.10.1)
    pusher-client (0.5.0)
      json
      websocket (~> 1.1.2)
    redis (3.1.0)
    redis-namespace (1.5.1)
      redis (~> 3.0, >= 3.0.4)
    ruboty (1.0.3)
      activesupport
      bundler
      dotenv
      mem
      slop
    ruboty-call (1.0.0)
      ruboty
      twilio-ruby
    ruboty-cron (0.0.9)
      activesupport
      chrono
      ruboty (>= 0.2.0)
    ruboty-gengo (0.0.1)
      era_ja
    ruboty-hi (0.0.1)
    ruboty-hubot (1.0.0)
      execjs
      ruboty
    ruboty-idobata (0.0.3)
      pusher-client (~> 0.5.0)
      ruboty (~> 1.0.1)
    ruboty-opening_sentence (1.0.1)
      ruboty
    ruboty-redis (0.0.4)
      redis
      redis-namespace
      ruboty
    ruboty-slot (1.0.1)
    ruboty-yasy (1.0.0)
    slop (3.6.0)
    thread_safe (0.3.4)
    twilio-ruby (3.13.1)
      builder (>= 2.1.2)
      jwt (~> 1.0.0)
      multi_json (>= 1.3.0)
    tzinfo (1.2.2)
      thread_safe (~> 0.1)
    websocket (1.1.4)

PLATFORMS
  ruby

DEPENDENCIES
  ruboty
  ruboty-call
  ruboty-cron
  ruboty-gengo
  ruboty-hi
  ruboty-hubot
  ruboty-idobata
  ruboty-opening_sentence
  ruboty-redis
  ruboty-slot
  ruboty-yasy
